PATH
  remote: .
  specs:
    coingecko_ruby (0.4.2)

GEM
  remote: https://rubygems.org/
  specs:
    addressable (2.7.0)
      public_suffix (>= 2.0.2, < 5.0)
    crack (0.4.5)
      rexml
    hashdiff (1.0.1)
    minitest (5.14.4)
    public_suffix (4.0.6)
    rake (12.3.3)
    rexml (3.2.5)
    vcr (6.0.0)
    webmock (3.13.0)
      addressable (>= 2.3.6)
      crack (>= 0.3.2)
      hashdiff (>= 0.4.0, < 2.0.0)
    yard (0.9.26)

PLATFORMS
  ruby

DEPENDENCIES
  coingecko_ruby!
  minitest (~> 5.0)
  rake (~> 12.0)
  vcr
  webmock
  yard

BUNDLED WITH
   2.1.4
